GEM
  remote: https://rubygems.org/
  specs:
    actionmailer (2.3.18)
      actionpack (= 2.3.18)
    actionpack (2.3.18)
      activesupport (= 2.3.18)
      rack (~> 1.1.0)
    activerecord (2.3.18)
      activesupport (= 2.3.18)
    activeresource (2.3.18)
      activesupport (= 2.3.18)
    activesupport (2.3.18)
    addressable (2.2.6)
    authlogic (2.1.6)
      activesupport
    aws-s3 (0.6.2)
      builder
      mime-types
      xml-simple
    brightbox (2.4.4)
      bundler (>= 1.3.4)
      capistrano (~> 2.15.5)
      net-ssh (= 2.7.0)
    builder (3.0.0)
    cancan (1.4.1)
    capistrano (2.15.5)
      highline
      net-scp (>= 1.0.0)
      net-sftp (>= 2.0.0)
      net-ssh (>= 2.0.14)
      net-ssh-gateway (>= 1.1.0)
    capistrano-ext (1.2.1)
      capistrano (>= 1.0.0)
    columnize (0.9.0)
    debugger (1.6.8)
      columnize (>= 0.3.1)
      debugger-linecache (~> 1.2.0)
      debugger-ruby_core_source (~> 1.3.5)
    debugger-linecache (1.2.0)
    debugger-ruby_core_source (1.3.8)
    formtastic (1.2.2)
      actionpack (>= 2.3.7)
      activesupport (>= 2.3.7)
      i18n (>= 0.4.0)
    heroku (2.7.0)
      launchy (>= 0.3.2)
      rest-client (~> 1.6.1)
      rubyzip
      term-ansicolor (~> 1.0.5)
    highline (1.7.1)
    i18n (0.5.0)
    launchy (2.0.5)
      addressable (~> 2.2.6)
    mime-types (1.16)
    net-scp (1.2.1)
      net-ssh (>= 2.6.5)
    net-sftp (2.1.2)
      net-ssh (>= 2.6.5)
    net-ssh (2.7.0)
    net-ssh-gateway (1.2.0)
      net-ssh (>= 2.6.5)
    paperclip (2.3.6)
      activerecord
      activesupport
    pg (0.9.0)
    rack (1.1.6)
    rails (2.3.18)
      actionmailer (= 2.3.18)
      actionpack (= 2.3.18)
      activerecord (= 2.3.18)
      activeresource (= 2.3.18)
      activesupport (= 2.3.18)
      rake (>= 0.8.3)
    rake (10.0.3)
    rest-client (1.6.7)
      mime-types (>= 1.16)
    rubyzip (0.9.4)
    rvm-capistrano (1.5.6)
      capistrano (~> 2.15.4)
    sequel (3.20.0)
    sinatra (1.0)
      rack (>= 1.0)
    sqlite3-ruby (1.3.2)
    taps (0.3.23)
      rack (>= 1.0.1)
      rest-client (>= 1.4.0, < 1.7.0)
      sequel (~> 3.20.0)
      sinatra (~> 1.0.0)
      sqlite3-ruby (~> 1.2)
    term-ansicolor (1.0.6)
    xml-simple (1.0.12)
    ya2yaml (0.30)

PLATFORMS
  ruby

DEPENDENCIES
  authlogic
  aws-s3
  brightbox (~> 2.4.4)
  cancan
  capistrano (~> 2.15.5)
  capistrano-ext
  debugger
  formtastic
  heroku
  paperclip
  pg
  rails (= 2.3.18)
  rake
  rvm-capistrano
  sqlite3-ruby (= 1.3.2)
  taps (~> 0.3.22)
  ya2yaml
