GEM
  remote: https://rubygems.org/
  specs:
    actionmailer (2.3.18)
      actionpack (= 2.3.18)
    actionpack (2.3.18)
      activesupport (= 2.3.18)
      rack (~> 1.1.0)
    activerecord (2.3.18)
      activesupport (= 2.3.18)
    activeresource (2.3.18)
      activesupport (= 2.3.18)
    activesupport (2.3.18)
    authlogic (2.1.6)
      activesupport
    aws-sdk (2.2.13)
      aws-sdk-resources (= 2.2.13)
    aws-sdk-core (2.2.13)
      jmespath (~> 1.0)
    aws-sdk-resources (2.2.13)
      aws-sdk-core (= 2.2.13)
    brightbox (2.4.4)
      bundler (>= 1.3.4)
      capistrano (~> 2.15.5)
      net-ssh (= 2.7.0)
    byebug (8.2.1)
    cancan (1.4.1)
    capistrano (2.15.5)
      highline
      net-scp (>= 1.0.0)
      net-sftp (>= 2.0.0)
      net-ssh (>= 2.0.14)
      net-ssh-gateway (>= 1.1.0)
    capistrano-ext (1.2.1)
      capistrano (>= 1.0.0)
    cocaine (0.4.2)
    formtastic (1.2.2)
      actionpack (>= 2.3.7)
      activesupport (>= 2.3.7)
      i18n (>= 0.4.0)
    highline (1.7.1)
    i18n (0.5.0)
    iconv (1.0.4)
    jmespath (1.1.3)
    metaclass (0.0.4)
    mime-types (1.16)
    mocha (1.1.0)
      metaclass (~> 0.0.1)
    net-scp (1.2.1)
      net-ssh (>= 2.6.5)
    net-sftp (2.1.2)
      net-ssh (>= 2.6.5)
    net-ssh (2.7.0)
    net-ssh-gateway (1.2.0)
      net-ssh (>= 2.6.5)
    paperclip (2.8.0)
      activerecord (>= 2.3.0)
      activesupport (>= 2.3.2)
      cocaine (>= 0.0.2)
      mime-types
    pg (0.9.0)
    power_assert (0.2.6)
    rack (1.1.6)
    rails (2.3.18)
      actionmailer (= 2.3.18)
      actionpack (= 2.3.18)
      activerecord (= 2.3.18)
      activeresource (= 2.3.18)
      activesupport (= 2.3.18)
      rake (>= 0.8.3)
    rake (10.0.3)
    rest-client (1.6.7)
      mime-types (>= 1.16)
    rvm-capistrano (1.5.6)
      capistrano (~> 2.15.4)
    sequel (3.20.0)
    sinatra (1.0)
      rack (>= 1.0)
    sqlite3-ruby (1.3.2)
    taps (0.3.23)
      rack (>= 1.0.1)
      rest-client (>= 1.4.0, < 1.7.0)
      sequel (~> 3.20.0)
      sinatra (~> 1.0.0)
      sqlite3-ruby (~> 1.2)
    test-unit (3.1.5)
      power_assert
    ya2yaml (0.30)

PLATFORMS
  ruby

DEPENDENCIES
  authlogic
  aws-sdk (~> 2.2.13)
  brightbox (~> 2.4.4)
  byebug
  cancan
  capistrano (~> 2.15.5)
  capistrano-ext
  formtastic
  iconv (~> 1.0.4)
  mocha
  paperclip
  pg
  rails (= 2.3.18)
  rake
  rvm-capistrano
  taps (~> 0.3.22)
  test-unit
  ya2yaml

BUNDLED WITH
   1.10.6
